GEM
  remote: https://rubygems.org/
  specs:
    clipboard (1.3.6)
    rainbow (3.1.1)

PLATFORMS
  x64-mingw-ucrt

DEPENDENCIES
  clipboard (~> 1.3)
  rainbow (~> 3.1)

BUNDLED WITH
   2.4.10
